GEM
  remote: http://rubygems.org/
  specs:
    Selenium (1.1.14)
    diff-lcs (1.1.3)
    innate (2012.03)
      rack (~> 1.4.1)
    json (1.7.3)
    rack (1.4.1)
    rack-test (0.6.1)
      rack (>= 1.0)
    rake (0.9.2.2)
    ramaze (2012.04.14)
      innate (>= 2012.03)
    rspec (2.11.0)
      rspec-core (~> 2.11.0)
      rspec-expectations (~> 2.11.0)
      rspec-mocks (~> 2.11.0)
    rspec-core (2.11.1)
    rspec-expectations (2.11.1)
      diff-lcs (~> 1.1.3)
    rspec-mocks (2.11.1)
    selenium-client (1.2.18)
    sequel (3.2.0)
    sqlite3 (1.3.6)

PLATFORMS
  ruby

DEPENDENCIES
  Selenium
  json
  rack
  rack-test
  rake
  ramaze
  rspec
  selenium-client
  sequel (~> 3.2.0)
  sqlite3
