GEM
  remote: http://rubygems.org/
  specs:
    Selenium (1.1.14)
    diff-lcs (1.1.3)
    innate (2011.10)
      rack (>= 1.1.0)
    json (1.6.1)
    rack (1.3.5)
    rack-test (0.6.1)
      rack (>= 1.0)
    ramaze (2011.10.23)
      innate (>= 2010.03)
    rspec (2.7.0)
      rspec-core (~> 2.7.0)
      rspec-expectations (~> 2.7.0)
      rspec-mocks (~> 2.7.0)
    rspec-core (2.7.1)
    rspec-expectations (2.7.0)
      diff-lcs (~> 1.1.2)
    rspec-mocks (2.7.0)
    selenium-client (1.2.10)
    sequel (3.2.0)
    sqlite3 (1.3.4)

PLATFORMS
  ruby

DEPENDENCIES
  Selenium
  json
  rack
  rack-test
  ramaze
  rspec
  selenium-client (= 1.2.10)
  sequel (~> 3.2.0)
  sqlite3
